GEM
  remote: https://rubygems.org/
  specs:
    grpc-tools (1.28.0)
    rake (13.0.1)

PLATFORMS
  ruby

DEPENDENCIES
  grpc-tools
  rake

RUBY VERSION
   ruby 2.6.6p146

BUNDLED WITH
   1.17.3
